GEM
  remote: https://rubygems.org/
  specs:
    activesupport (6.0.3.1)
      concurrent-ruby (~> 1.0, >= 1.0.2)
      i18n (>= 0.7, < 2)
      minitest (~> 5.1)
      tzinfo (~> 1.1)
      zeitwerk (~> 2.2, >= 2.2.2)
    attribute_struct (0.4.4)
      bogo (>= 0.1.31, < 0.3.0)
    aws-eventstream (1.1.0)
    aws-partitions (1.321.0)
    aws-sdk-acm (1.30.0)
      aws-sdk-core (~> 3, >= 3.71.0)
      aws-sigv4 (~> 1.1)
    aws-sdk-cloudformation (1.35.0)
      aws-sdk-core (~> 3, >= 3.71.0)
      aws-sigv4 (~> 1.1)
    aws-sdk-core (3.96.1)
      aws-eventstream (~> 1, >= 1.0.2)
      aws-partitions (~> 1, >= 1.239.0)
      aws-sigv4 (~> 1.1)
      jmespath (~> 1.0)
    aws-sdk-ec2 (1.163.0)
      aws-sdk-core (~> 3, >= 3.71.0)
      aws-sigv4 (~> 1.1)
    aws-sdk-ecr (1.29.0)
      aws-sdk-core (~> 3, >= 3.71.0)
      aws-sigv4 (~> 1.1)
    aws-sdk-iam (1.37.0)
      aws-sdk-core (~> 3, >= 3.71.0)
      aws-sigv4 (~> 1.1)
    aws-sdk-kms (1.31.0)
      aws-sdk-core (~> 3, >= 3.71.0)
      aws-sigv4 (~> 1.1)
    aws-sdk-s3 (1.66.0)
      aws-sdk-core (~> 3, >= 3.96.1)
      aws-sdk-kms (~> 1)
      aws-sigv4 (~> 1.1)
    aws-sdk-sns (1.23.0)
      aws-sdk-core (~> 3, >= 3.71.0)
      aws-sigv4 (~> 1.1)
    aws-sdk-ssm (1.78.0)
      aws-sdk-core (~> 3, >= 3.71.0)
      aws-sigv4 (~> 1.1)
    aws-sigv4 (1.1.3)
      aws-eventstream (~> 1.0, >= 1.0.2)
    bogo (0.2.14)
      concurrent-ruby (~> 1.1.3)
      hashie
      multi_json
    cfndsl (0.17.5)
    commander (4.5.2)
      highline (~> 2.0.0)
    concurrent-ruby (1.1.6)
    deep_merge (1.2.1)
    diff-lcs (1.3)
    diffy (3.3.0)
    dotgpg (0.7.0)
      gpgme
      thor
    ejson (1.2.1)
    ejson_wrapper (0.4.0)
      aws-sdk-kms
      ejson
    erubis (2.7.0)
    gpgme (2.0.20)
      mini_portile2 (~> 2.3)
    hashdiff (1.0.1)
    hashie (4.1.0)
    highline (2.0.3)
    i18n (1.8.2)
      concurrent-ruby (~> 1.0)
    jmespath (1.4.0)
    mini_portile2 (2.5.1)
    minitest (5.14.1)
    multi_json (1.14.1)
    os (1.1.0)
    rainbow (3.0.0)
    ruby-progressbar (1.10.1)
    sparkle_formation (3.0.40)
      attribute_struct (>= 0.4.3, < 0.5)
      bogo
      multi_json
    stack_master (2.6.0)
      activesupport (>= 4)
      aws-sdk-acm (~> 1)
      aws-sdk-cloudformation (~> 1)
      aws-sdk-ec2 (~> 1)
      aws-sdk-ecr (~> 1)
      aws-sdk-iam (~> 1)
      aws-sdk-s3 (~> 1)
      aws-sdk-sns (~> 1)
      aws-sdk-ssm (~> 1)
      cfndsl (< 1.0)
      commander (>= 4.5.2, < 5)
      deep_merge
      diff-lcs
      diffy
      ejson_wrapper
      erubis
      hashdiff (~> 1)
      multi_json
      os
      rainbow
      ruby-progressbar
      sparkle_formation (~> 3)
      table_print
    stack_master-gpg_parameter_resolver (1.0.0)
      dotgpg
      stack_master (>= 2)
    table_print (1.5.6)
    thor (1.1.0)
    thread_safe (0.3.6)
    tzinfo (1.2.7)
      thread_safe (~> 0.1)
    zeitwerk (2.3.0)

PLATFORMS
  ruby

DEPENDENCIES
  stack_master!
  stack_master-gpg_parameter_resolver!

BUNDLED WITH
   2.1.4
