GEM
  remote: https://rubygems.org/
  specs:
    activesupport (6.0.3.1)
      concurrent-ruby (~> 1.0, >= 1.0.2)
      i18n (>= 0.7, < 2)
      minitest (~> 5.1)
      tzinfo (~> 1.1)
      zeitwerk (~> 2.2, >= 2.2.2)
    attribute_struct (0.4.4)
      bogo (>= 0.1.31, < 0.3.0)
    aws-eventstream (1.0.2)
    aws-partitions (1.149.0)
    aws-sdk-acm (1.19.0)
      aws-sdk-core (~> 3, >= 3.48.2)
      aws-sigv4 (~> 1.1)
    aws-sdk-cloudformation (1.18.0)
      aws-sdk-core (~> 3, >= 3.48.2)
      aws-sigv4 (~> 1.1)
    aws-sdk-core (3.48.3)
      aws-eventstream (~> 1.0, >= 1.0.2)
      aws-partitions (~> 1.0)
      aws-sigv4 (~> 1.1)
      jmespath (~> 1.0)
    aws-sdk-ec2 (1.78.0)
      aws-sdk-core (~> 3, >= 3.48.2)
      aws-sigv4 (~> 1.1)
    aws-sdk-ecr (1.14.0)
      aws-sdk-core (~> 3, >= 3.48.2)
      aws-sigv4 (~> 1.1)
    aws-sdk-kms (1.16.0)
      aws-sdk-core (~> 3, >= 3.48.2)
      aws-sigv4 (~> 1.1)
    aws-sdk-s3 (1.36.0)
      aws-sdk-core (~> 3, >= 3.48.2)
      aws-sdk-kms (~> 1)
      aws-sigv4 (~> 1.0)
    aws-sdk-sns (1.12.0)
      aws-sdk-core (~> 3, >= 3.48.2)
      aws-sigv4 (~> 1.1)
    aws-sdk-ssm (1.42.0)
      aws-sdk-core (~> 3, >= 3.48.2)
      aws-sigv4 (~> 1.1)
    aws-sigv4 (1.1.0)
      aws-eventstream (~> 1.0, >= 1.0.2)
    bogo (0.2.14)
      concurrent-ruby (~> 1.1.3)
      hashie
      multi_json
    cfndsl (0.16.13)
    colorize (0.8.1)
    commander (4.4.5)
      highline (~> 1.7.2)
    concurrent-ruby (1.1.6)
    deep_merge (1.2.1)
    diffy (3.3.0)
    dotgpg (0.7.0)
      gpgme
      thor
    erubis (2.7.0)
    gpgme (2.0.18)
      mini_portile2 (~> 2.3)
    hashdiff (0.3.8)
    hashie (3.6.0)
    highline (1.7.10)
    i18n (1.8.2)
      concurrent-ruby (~> 1.0)
    jmespath (1.4.0)
    mini_portile2 (2.4.0)
    minitest (5.14.1)
    multi_json (1.13.1)
    os (1.0.0)
    ruby-progressbar (1.10.0)
    sparkle_formation (3.0.38)
      attribute_struct (>= 0.4.3, < 0.5)
      bogo
      multi_json
    stack_master (1.13.1)
      activesupport (>= 4)
      aws-sdk-acm (~> 1)
      aws-sdk-cloudformation (~> 1)
      aws-sdk-ec2 (~> 1)
      aws-sdk-ecr (~> 1)
      aws-sdk-s3 (~> 1)
      aws-sdk-sns (~> 1)
      aws-sdk-ssm (~> 1)
      cfndsl
      colorize
      commander (<= 4.4.5)
      deep_merge
      diffy
      dotgpg
      erubis
      hashdiff
      multi_json
      os
      ruby-progressbar
      sparkle_formation
      table_print
    table_print (1.5.6)
    thor (0.20.3)
    thread_safe (0.3.6)
    tzinfo (1.2.7)
      thread_safe (~> 0.1)
    zeitwerk (2.3.0)

PLATFORMS
  ruby

DEPENDENCIES
  stack_master!

BUNDLED WITH
   1.17.2
